PATH
  remote: .
  specs:
    hcl (0.4.20)
      chronic (~> 0.10.2)
      escape_utils (~> 1.2.1)
      faraday (~> 0.17.0)
      gem-man (~> 0.3.0)
      highline (~> 2.0.3)
      pry (~> 0.12.2)
      trollop (~> 2.1.2)
      yajl-ruby (~> 1.4.1)

GEM
  remote: https://rubygems.org/
  specs:
    byebug (11.0.1)
    chronic (0.10.2)
    coderay (1.1.2)
    docile (1.3.2)
    escape_utils (1.2.1)
    faraday (0.17.0)
      multipart-post (>= 1.2, < 3)
    ffi (1.11.1-java)
    gem-man (0.3.0)
    highline (2.0.3)
    hpricot (0.8.6)
    hpricot (0.8.6-java)
    json (2.3.1)
    json (2.3.1-java)
    metaclass (0.0.4)
    method_source (0.9.2)
    minitest (5.13.0)
    mocha (1.9.0)
      metaclass (~> 0.0.1)
    multipart-post (2.1.1)
    mustache (1.1.0)
    pry (0.12.2)
      coderay (~> 1.1.0)
      method_source (~> 0.9.0)
    pry (0.12.2-java)
      coderay (~> 1.1.0)
      method_source (~> 0.9.0)
      spoon (~> 0.0)
    rake (13.0.0)
    rdiscount (2.2.0.1)
    ronn (0.7.3)
      hpricot (>= 0.8.2)
      mustache (>= 0.7.0)
      rdiscount (>= 1.5.8)
    rubygems-tasks (0.2.4)
    simplecov (0.17.1)
      docile (~> 1.1)
      json (>= 1.8, < 3)
      simplecov-html (~> 0.10.0)
    simplecov-html (0.10.2)
    spoon (0.0.6)
      ffi
    trollop (2.1.3)
    yajl-ruby (1.4.1)
    yard (0.9.20)

PLATFORMS
  java
  ruby

DEPENDENCIES
  byebug
  hcl!
  minitest
  mocha
  rake
  ronn
  rubygems-tasks
  simplecov
  yard (~> 0.9.20)

BUNDLED WITH
   1.17.2
