PATH
  remote: .
  specs:
    hcl (0.4.18)
      chronic (= 0.10.2)
      escape_utils (= 1.1.0)
      faraday (= 0.9.1)
      gem-man (= 0.3.0)
      highline (= 1.7.2)
      pry (= 0.10.1)
      trollop (= 2.1.2)
      yajl-ruby (= 1.3.0)

GEM
  remote: https://rubygems.org/
  specs:
    byebug (5.0.0)
      columnize (= 0.9.0)
    chronic (0.10.2)
    coderay (1.1.2)
    columnize (0.9.0)
    docile (1.1.5)
    escape_utils (1.1.0)
    faraday (0.9.1)
      multipart-post (>= 1.2, < 3)
    ffi (1.10.0-java)
    gem-man (0.3.0)
    highline (1.7.2)
    hpricot (0.8.6)
    hpricot (0.8.6-java)
    json (2.1.0)
    json (2.1.0-java)
    metaclass (0.0.4)
    method_source (0.8.2)
    minitest (5.7.0)
    mocha (1.1.0)
      metaclass (~> 0.0.1)
    multipart-post (2.0.0)
    mustache (1.0.1)
    pry (0.10.1)
      coderay (~> 1.1.0)
      method_source (~> 0.8.1)
      slop (~> 3.4)
    pry (0.10.1-java)
      coderay (~> 1.1.0)
      method_source (~> 0.8.1)
      slop (~> 3.4)
      spoon (~> 0.0)
    rake (10.4.2)
    rdiscount (2.1.8)
    ronn (0.7.3)
      hpricot (>= 0.8.2)
      mustache (>= 0.7.0)
      rdiscount (>= 1.5.8)
    rubygems-tasks (0.2.4)
    simplecov (0.14.1)
      docile (~> 1.1.0)
      json (>= 1.8, < 3)
      simplecov-html (~> 0.10.0)
    simplecov-html (0.10.1)
    slop (3.6.0)
    spoon (0.0.6)
      ffi
    trollop (2.1.2)
    yajl-ruby (1.3.0)
    yard (0.8.7.6)

PLATFORMS
  java
  ruby

DEPENDENCIES
  byebug
  hcl!
  minitest
  mocha
  rake
  ronn
  rubygems-tasks
  simplecov
  yard

BUNDLED WITH
   1.17.1
